PATH
  remote: .
  specs:
    word_generator (0.1.0)

GEM
  remote: https://rubygems.org/
  specs:
    builder (3.2.3)
    excon (0.62.0)
    fog-core (2.1.2)
      builder
      excon (~> 0.58)
      formatador (~> 0.2)
      mime-types
    fog-dnsimple (2.1.0)
      fog-core (>= 1.38, < 3)
      fog-json
    fog-json (1.2.0)
      fog-core
      multi_json (~> 1.10)
    formatador (0.2.5)
    mime-types (3.2.2)
      mime-types-data (~> 3.2015)
    mime-types-data (3.2018.0812)
    minitest (5.11.3)
    multi_json (1.13.1)
    rake (10.5.0)

PLATFORMS
  ruby

DEPENDENCIES
  bundler (~> 2.0)
  fog-dnsimple (~> 2.1.0)
  minitest (~> 5.0)
  rake (~> 10.0)
  word_generator!

BUNDLED WITH
   2.0.1
